GEM
  remote: https://rubygems.org/
  specs:
    declarative (0.0.20)
    declarative-option (0.1.0)
    econfig (2.1.0)
    multi_json (1.15.0)
    representable (3.0.4)
      declarative (< 0.1.0)
      declarative-option (< 0.2.0)
      uber (< 0.2.0)
    roar (1.1.0)
      representable (~> 3.0.0)
    uber (0.1.0)

PLATFORMS
  ruby

DEPENDENCIES
  econfig
  multi_json
  roar

RUBY VERSION
   ruby 2.7.1p83

BUNDLED WITH
   2.1.4
